GEM
  remote: https://rubygems.org/
  specs:
    backports (3.6.8)
    better_errors (2.1.1)
      coderay (>= 1.0.0)
      erubis (>= 2.6.6)
      rack (>= 0.9.0)
    binding_of_caller (0.7.2)
      debug_inspector (>= 0.0.1)
    builder (3.2.2)
    coderay (1.1.1)
    daemons (1.2.4)
    debug_inspector (0.0.2)
    erubis (2.7.0)
    eventmachine (1.2.0.1)
    faraday (0.9.2)
      multipart-post (>= 1.2, < 3)
    foreman (0.82.0)
      thor (~> 0.19.1)
    jwt (1.5.6)
    method_source (0.8.2)
    multi_json (1.12.1)
    multipart-post (2.0.0)
    pry (0.10.4)
      coderay (~> 1.1.0)
      method_source (~> 0.8.1)
      slop (~> 3.4)
    rack (1.6.4)
    rack-protection (1.5.3)
      rack
    rack-test (0.6.3)
      rack (>= 1.0)
    sinatra (1.4.7)
      rack (~> 1.5)
      rack-protection (~> 1.4)
      tilt (>= 1.3, < 3)
    sinatra-contrib (1.4.7)
      backports (>= 2.0)
      multi_json
      rack-protection
      rack-test
      sinatra (~> 1.4.0)
      tilt (>= 1.3, < 3)
    slim (3.0.7)
      temple (~> 0.7.6)
      tilt (>= 1.3.3, < 2.1)
    slop (3.6.0)
    tapp (1.5.0)
      thor
    temple (0.7.7)
    thin (1.7.0)
      daemons (~> 1.0, >= 1.0.9)
      eventmachine (~> 1.0, >= 1.0.4)
      rack (>= 1, < 3)
    thor (0.19.1)
    tilt (2.0.5)
    twilio-ruby (5.0.0.rc17)
      builder (>= 2.1.2)
      faraday (~> 0.9)
      jwt (~> 1.0)

PLATFORMS
  ruby

DEPENDENCIES
  better_errors
  binding_of_caller
  foreman
  pry
  sinatra
  sinatra-contrib
  slim
  tapp
  thin
  twilio-ruby (~> 5.0.0.rc17)

RUBY VERSION
   ruby 2.3.1p112

BUNDLED WITH
   1.13.1
